PATH
  remote: .
  specs:
    test-factory (0.1.8)
      watir-webdriver (>= 0.6.1)

GEM
  remote: http://rubygems.org/
  specs:
    addressable (2.2.7)
    childprocess (0.3.1)
      ffi (~> 1.0.6)
    ffi (1.0.11)
    libwebsocket (0.1.3)
      addressable
    multi_json (1.2.0)
    rubyzip (0.9.7)
    selenium-webdriver (2.25.0)
      childprocess (>= 0.2.5)
      libwebsocket (~> 0.1.3)
      multi_json (~> 1.0)
      rubyzip
    watir-webdriver (0.6.1)
      selenium-webdriver (>= 2.18.0)

PLATFORMS
  ruby

DEPENDENCIES
  test-factory!
  watir-webdriver
