PATH
  remote: .
  specs:
    test-factory (0.5.4)
      watir (>= 6.0.0)

GEM
  remote: http://rubygems.org/
  specs:
    childprocess (0.8.0)
      ffi (~> 1.0, >= 1.0.11)
    ffi (1.9.18)
    rubyzip (1.2.1)
    selenium-webdriver (3.7.0)
      childprocess (~> 0.5)
      rubyzip (~> 1.0)
    watir (6.9.0)
      selenium-webdriver (~> 3.4, >= 3.4.1)

PLATFORMS
  ruby

DEPENDENCIES
  test-factory!
  watir (>= 6.0.0)

BUNDLED WITH
   1.15.4
